GEM
  remote: https://rubygems.org/
  specs:
    addressable (2.3.6)
    app_conf (0.4.2)
    ast (1.1.0)
    berkshelf (3.1.1)
      addressable (~> 2.3.4)
      berkshelf-api-client (~> 1.2)
      buff-config (~> 0.2)
      buff-extensions (~> 0.4)
      buff-shell_out (~> 0.1)
      celluloid (~> 0.16.0.pre)
      celluloid-io (~> 0.16.0.pre)
      faraday (~> 0.9.0)
      minitar (~> 0.5.4)
      octokit (~> 3.0)
      retryable (~> 1.3.3)
      ridley (~> 3.1)
      solve (~> 1.1)
      thor (~> 0.18)
    berkshelf-api-client (1.2.0)
      faraday (~> 0.9.0)
    buff-config (0.4.0)
      buff-extensions (~> 0.3)
      varia_model (~> 0.1)
    buff-extensions (0.5.0)
    buff-ignore (1.1.1)
    buff-platform (0.1.0)
    buff-ruby_engine (0.1.0)
    buff-shell_out (0.1.1)
      buff-ruby_engine (~> 0.1.0)
    celluloid (0.16.0.pre)
      timers (~> 2.0.0)
    celluloid-io (0.16.0.pre)
      celluloid (>= 0.16.0.pre)
      nio4r (>= 1.0.0)
    chef (11.8.2)
      chef-zero (~> 1.6, >= 1.6.2)
      diff-lcs (~> 1.2, >= 1.2.4)
      erubis (~> 2.7)
      highline (~> 1.6, >= 1.6.9)
      json (>= 1.4.4, <= 1.7.7)
      mime-types (~> 1.16)
      mixlib-authentication (~> 1.3)
      mixlib-cli (~> 1.3)
      mixlib-config (~> 2.0)
      mixlib-log (~> 1.3)
      mixlib-shellout (~> 1.2)
      net-ssh (~> 2.6)
      net-ssh-multi (~> 1.1.0)
      ohai (~> 6.0)
      pry (~> 0.9)
      puma (~> 1.6)
      rest-client (>= 1.0.4, < 1.7.0)
      yajl-ruby (~> 1.1)
    chef-zero (1.7.2)
      hashie (~> 2.0)
      json
      mixlib-log (~> 1.3)
      moneta (< 0.7.0)
      rack
    coderay (1.1.0)
    dep-selector-libgecode (1.0.0)
    dep_selector (1.0.3)
      dep-selector-libgecode (~> 1.0)
      ffi (~> 1.9)
    diff-lcs (1.2.5)
    diffy (3.0.4)
    erubis (2.7.0)
    faraday (0.9.0)
      multipart-post (>= 1.2, < 3)
    ffi (1.9.3)
    foodcritic (3.0.3)
      erubis
      gherkin (~> 2.11.7)
      nokogiri (~> 1.5.4)
      rake
      treetop (~> 1.4.10)
      yajl-ruby (~> 1.1.0)
    gherkin (2.11.8)
      multi_json (~> 1.3)
    git (1.2.6)
    hashie (2.0.5)
    highline (1.6.20)
    hitimes (1.2.1)
    ipaddress (0.8.0)
    json (1.7.7)
    kitchen-vagrant (0.14.0)
      test-kitchen (~> 1.0)
    knife-essentials (1.5.5)
      chef
      chef-zero (>= 1.5)
    knife-solve (1.0.1)
      chef
    knife-spork (1.3.2)
      app_conf (>= 0.4.0)
      chef (>= 11.0.0)
      diffy (>= 3.0.1)
      git (>= 1.2.5)
    method_source (0.8.2)
    mime-types (1.25.1)
    minitar (0.5.4)
    mixlib-authentication (1.3.0)
      mixlib-log
    mixlib-cli (1.4.0)
    mixlib-config (2.1.0)
    mixlib-log (1.6.0)
    mixlib-shellout (1.3.0)
    moneta (0.6.0)
    multi_json (1.8.4)
    multipart-post (2.0.0)
    net-http-persistent (2.9.4)
    net-scp (1.1.2)
      net-ssh (>= 2.6.5)
    net-ssh (2.7.0)
    net-ssh-gateway (1.2.0)
      net-ssh (>= 2.6.5)
    net-ssh-multi (1.1)
      net-ssh (>= 2.1.4)
      net-ssh-gateway (>= 0.99.0)
    nio4r (1.0.0)
    nokogiri (1.5.11)
    octokit (3.1.0)
      sawyer (~> 0.5.3)
    ohai (6.20.0)
      ipaddress
      mixlib-cli
      mixlib-config
      mixlib-log
      mixlib-shellout
      systemu (~> 2.5.2)
      yajl-ruby
    parser (2.1.4)
      ast (~> 1.1)
      slop (~> 3.4, >= 3.4.5)
    polyglot (0.3.3)
    powerpack (0.0.9)
    pry (0.9.12.4)
      coderay (~> 1.0)
      method_source (~> 0.8)
      slop (~> 3.4)
    puma (1.6.3)
      rack (~> 1.2)
    rack (1.5.2)
    rainbow (1.99.1)
    rake (10.1.1)
    rest-client (1.6.7)
      mime-types (>= 1.16)
    retryable (1.3.5)
    ridley (3.1.0)
      addressable
      buff-config (~> 0.2)
      buff-extensions (~> 0.3)
      buff-ignore (~> 1.1)
      buff-shell_out (~> 0.1)
      celluloid (~> 0.16.0.pre)
      celluloid-io (~> 0.16.0.pre)
      erubis
      faraday (~> 0.9.0)
      hashie (>= 2.0.2)
      json (>= 1.7.7)
      mixlib-authentication (>= 1.3.0)
      net-http-persistent (>= 2.8)
      retryable
      semverse (~> 1.1)
      varia_model (~> 0.3)
    rspec (2.14.1)
      rspec-core (~> 2.14.0)
      rspec-expectations (~> 2.14.0)
      rspec-mocks (~> 2.14.0)
    rspec-core (2.14.7)
    rspec-expectations (2.14.4)
      diff-lcs (>= 1.1.3, < 2.0)
    rspec-mocks (2.14.4)
    rubocop (0.16.0)
      parser (~> 2.1)
      powerpack (~> 0.0.6)
      rainbow (>= 1.1.4)
    safe_yaml (0.9.7)
    sawyer (0.5.4)
      addressable (~> 2.3.5)
      faraday (~> 0.8, < 0.10)
    semverse (1.1.0)
    serverspec (0.14.3)
      highline
      net-ssh
      rspec (>= 2.13.0)
      specinfra (>= 0.1.0)
    slop (3.4.7)
    solve (1.2.0)
      dep_selector (~> 1.0)
      semverse (~> 1.1)
    specinfra (0.3.2)
    strainer (3.4.0)
      berkshelf (>= 2.0, < 4.0)
      buff-platform (~> 0.1)
    systemu (2.5.2)
    test-kitchen (1.1.1)
      mixlib-shellout (~> 1.2)
      net-scp (~> 1.1)
      net-ssh (~> 2.7)
      safe_yaml (~> 0.9)
      thor (~> 0.18)
    thor (0.18.1)
    timers (2.0.0)
      hitimes
    treetop (1.4.15)
      polyglot
      polyglot (>= 0.3.1)
    vagrant-berkshelf (2.0.1)
      berkshelf (~> 3.1)
      celluloid (~> 0.16.0.pre)
      celluloid-io (~> 0.16.0.pre)
    vagrant-omnibus (1.4.1)
    varia_model (0.3.2)
      buff-extensions (~> 0.2)
      hashie (>= 2.0.2)
    yajl-ruby (1.1.0)

PLATFORMS
  ruby

DEPENDENCIES
  berkshelf (~> 3)
  chef (~> 11)
  foodcritic (~> 3)
  kitchen-vagrant
  knife-essentials
  knife-solve
  knife-spork
  rubocop (~> 0)
  serverspec
  strainer (~> 3)
  test-kitchen (~> 1)
  vagrant-berkshelf (~> 2)
  vagrant-omnibus (~> 1)
